GEM
  remote: http://rubygems.org/
  specs:
    json (1.7.3)
    mime-types (1.18)
    rack (1.4.1)
    rest-client (1.6.7)
      mime-types (>= 1.16)

PLATFORMS
  ruby

DEPENDENCIES
  json (~> 1.7.3)
  rack (~> 1.4.1)
  rest-client (~> 1.6.7)
